PATH
  remote: .
  specs:
    keikokuc (0.7)
      rest-client

GEM
  remote: https://rubygems.org/
  specs:
    diff-lcs (1.1.3)
    mime-types (1.19)
    rack (1.4.1)
    rest-client (1.6.7)
      mime-types (>= 1.16)
    rspec (2.11.0)
      rspec-core (~> 2.11.0)
      rspec-expectations (~> 2.11.0)
      rspec-mocks (~> 2.11.0)
    rspec-core (2.11.1)
    rspec-expectations (2.11.3)
      diff-lcs (~> 1.1.3)
    rspec-mocks (2.11.3)
    sham_rack (1.3.4)
      rack

PLATFORMS
  ruby

DEPENDENCIES
  keikokuc!
  rspec
  sham_rack
